GEM
  remote: https://rubygems.org/
  specs:
    httparty (0.11.0)
      multi_json (~> 1.0)
      multi_xml (>= 0.5.2)
    license_finder (0.9.4)
      bundler
      httparty (= 0.11.0)
      rake
      sequel
      sqlite3
      thor
    multi_json (1.8.4)
    multi_xml (0.5.5)
    rake (10.1.1)
    sequel (4.6.0)
    sqlite3 (1.3.8)
    thor (0.18.1)

PLATFORMS
  ruby

DEPENDENCIES
  license_finder
